GEM
  remote: https://rubygems.org/
  specs:
    molinillo (0.8.0)

PLATFORMS
  arm64-darwin-25
  ruby

DEPENDENCIES
  molinillo

BUNDLED WITH
   2.6.7
